PATH
  remote: .
  specs:
    blower (2.1.1)
      colorize (~> 0.7)
      net-scp (~> 1.2)
      net-ssh (~> 3.0)

GEM
  remote: https://rubygems.org/
  specs:
    colorize (0.7.7)
    net-scp (1.2.1)
      net-ssh (>= 2.6.5)
    net-ssh (3.0.1)
    yard (0.8.7.6)

PLATFORMS
  ruby

DEPENDENCIES
  blower!
  yard

BUNDLED WITH
   1.10.6
